GEM
  remote: https://rubygems.org/
  specs:
    chronic_duration (0.10.6)
      numerizer (~> 0.1.1)
    coderay (1.1.3)
    method_source (1.0.0)
    numerizer (0.1.1)
    pry (0.14.1)
      coderay (~> 1.1)
      method_source (~> 1.0)
    rake (13.0.3)
    spec (5.3.4)
      chronic_duration (~> 0.10.2)

PLATFORMS
  x86_64-darwin-19

DEPENDENCIES
  pry
  rake
  spec

BUNDLED WITH
   2.2.21
